PATH
  remote: .
  specs:
    fvm (0.0.5)
      nokogiri

GEM
  remote: http://rubygems.org/
  specs:
    nokogiri (1.4.4)

PLATFORMS
  ruby

DEPENDENCIES
  fvm!
