PATH
  remote: .
  specs:
    fvm (0.0.7)
      activeresource (~> 3.0.4)
      geoffrey (~> 1.1.3)
      highline (~> 1.6)
      nokogiri (~> 1.4.4)
      thor (= 0.14.3)
      versionomy (~> 0.4.0)

GEM
  remote: http://rubygems.org/
  specs:
    activemodel (3.0.4)
      activesupport (= 3.0.4)
      builder (~> 2.1.2)
      i18n (~> 0.4)
    activeresource (3.0.4)
      activemodel (= 3.0.4)
      activesupport (= 3.0.4)
    activesupport (3.0.4)
    blockenspiel (0.4.1)
    builder (2.1.2)
    geoffrey (1.1.3)
      plist4r
      progressbar
      thor
    haml (3.0.25)
    highline (1.6.1)
    i18n (0.5.0)
    libxml-ruby (1.1.4)
    libxml4r (0.2.6)
      libxml-ruby (>= 1.1.3)
    nokogiri (1.4.4)
    plist4r (1.1.6)
      haml
      libxml-ruby
      libxml4r
    progressbar (0.9.0)
    thor (0.14.3)
    versionomy (0.4.0)
      blockenspiel (>= 0.3.1)

PLATFORMS
  ruby

DEPENDENCIES
  fvm!
