PATH
  remote: .
  specs:
    fvm (0.0.4)
      highline (~> 1.6)
      mechanize (~> 1.0)
      rainbow (~> 1.1)
      thor (= 0.14.3)

GEM
  remote: http://rubygems.org/
  specs:
    highline (1.6.1)
    mechanize (1.0.0)
      nokogiri (>= 1.2.1)
    nokogiri (1.4.3.1)
    rainbow (1.1)
    thor (0.14.3)

PLATFORMS
  ruby

DEPENDENCIES
  fvm!
  highline (~> 1.6)
  mechanize (~> 1.0)
  rainbow (~> 1.1)
  thor (= 0.14.3)
