PATH
  remote: .
  specs:
    fvm (0.0.6)
      activeresource (~> 3.0.4)
      nokogiri (~> 1.4.4)

GEM
  remote: http://rubygems.org/
  specs:
    activemodel (3.0.4)
      activesupport (= 3.0.4)
      builder (~> 2.1.2)
      i18n (~> 0.4)
    activeresource (3.0.4)
      activemodel (= 3.0.4)
      activesupport (= 3.0.4)
    activesupport (3.0.4)
    builder (2.1.2)
    i18n (0.5.0)
    nokogiri (1.4.4)

PLATFORMS
  ruby

DEPENDENCIES
  fvm!
